GEM
  remote: https://rubygems.org/
  specs:
    blankslate (2.1.2.4)
    cfoo (0.0.6)
      json
      parslet (~> 1.5.0)
    json (2.1.0)
    parslet (1.5.0)
      blankslate (~> 2.0)

PLATFORMS
  ruby

DEPENDENCIES
  cfoo

BUNDLED WITH
   1.15.2
